GEM
  remote: https://rubygems.org/
  specs:
    aws-sdk (2.5.1)
      aws-sdk-resources (= 2.5.1)
    aws-sdk-core (2.5.1)
      jmespath (~> 1.0)
    aws-sdk-resources (2.5.1)
      aws-sdk-core (= 2.5.1)
    jmespath (1.3.1)
    safe_yaml (1.0.4)

PLATFORMS
  ruby

DEPENDENCIES
  aws-sdk (~> 2.5, >= 2.5.1)
  safe_yaml (~> 1.0, >= 1.0.4)

BUNDLED WITH
   1.12.5
